GEM
  remote: https://rubygems.org/
  specs:
    rainbow (3.1.1)

PLATFORMS
  ruby

DEPENDENCIES
  rainbow

BUNDLED WITH
   1.17.2
